GIT
  remote: https://github.com/CocoaPods/CLAide.git
  revision: 896d82a4dff73d80da565b0caa77c6ed74c9c6f8
  branch: master
  specs:
    claide (1.0.2)

GIT
  remote: https://github.com/CocoaPods/Core.git
  revision: 70be53b790e5816937b29456df1885d6177d39c9
  branch: master
  specs:
    cocoapods-core (1.7.3)
      activesupport (>= 4.0.2, < 6)
      fuzzy_match (~> 2.0.4)
      nap (~> 1.0)

GIT
  remote: https://github.com/CocoaPods/Molinillo.git
  revision: dd4274e0fb0792cbf52d441a93799470d88e38d8
  branch: master
  specs:
    molinillo (0.6.6)

GIT
  remote: https://github.com/CocoaPods/Nanaimo.git
  revision: 0935cf68ed21bc0b0a4b16e47cb79be7762bd16f
  branch: master
  specs:
    nanaimo (0.2.6)

GIT
  remote: https://github.com/CocoaPods/Xcodeproj.git
  revision: 41f699fc07f24fc426686a3dbcf240c885f5f49a
  branch: master
  specs:
    xcodeproj (1.10.0)
      CFPropertyList (>= 2.3.3, < 4.0)
      atomos (~> 0.1.3)
      claide (>= 1.0.2, < 2.0)
      colored2 (~> 3.1)
      nanaimo (~> 0.2.6)

GIT
  remote: https://github.com/CocoaPods/cocoapods-deintegrate.git
  revision: c3372a2ea2c2134db78fc6f8d157ebb9bb943a83
  branch: master
  specs:
    cocoapods-deintegrate (1.0.4)

GIT
  remote: https://github.com/CocoaPods/cocoapods-downloader.git
  revision: bc9e262fb441fdbea039a7d676e1193a32f50b11
  branch: master
  specs:
    cocoapods-downloader (1.2.2)

GIT
  remote: https://github.com/CocoaPods/cocoapods-plugins.git
  revision: 7008b756dcfb8fdd70192a9af5ef11490ceef227
  branch: master
  specs:
    cocoapods-plugins (1.0.0)
      nap

GIT
  remote: https://github.com/CocoaPods/cocoapods-search.git
  revision: 452eee08d6497c43afd4452c28f9d7b8da8686f1
  branch: master
  specs:
    cocoapods-search (1.0.0)

GIT
  remote: https://github.com/CocoaPods/cocoapods-stats.git
  revision: ad869b620a46c6ba5048b54d5772e1956d2d9d83
  branch: master
  specs:
    cocoapods-stats (1.1.0)

GIT
  remote: https://github.com/CocoaPods/cocoapods-trunk.git
  revision: 208396fca7eeecf4b7fb2810f1a1ab3b036bd1a3
  branch: master
  specs:
    cocoapods-trunk (1.3.1)
      nap (>= 0.8, < 2.0)
      netrc (~> 0.11)

GIT
  remote: https://github.com/CocoaPods/cocoapods-try.git
  revision: 2c0840a6ba64056931622abc1d11479ffcc4a31b
  branch: master
  specs:
    cocoapods-try (1.1.0)

GIT
  remote: https://github.com/segiddins/json.git
  revision: a9588bc4334c2f5bf985f255b61c05eafdcd8907
  branch: seg-1.7.7-ruby-2.2
  specs:
    json (1.7.7)

PATH
  remote: .
  specs:
    cocoapods (1.7.3)
      activesupport (>= 4.0.2, < 5)
      claide (>= 1.0.2, < 2.0)
      cocoapods-core (= 1.7.3)
      cocoapods-deintegrate (>= 1.0.3, < 2.0)
      cocoapods-downloader (>= 1.2.2, < 2.0)
      cocoapods-plugins (>= 1.0.0, < 2.0)
      cocoapods-search (>= 1.0.0, < 2.0)
      cocoapods-stats (>= 1.0.0, < 2.0)
      cocoapods-trunk (>= 1.3.1, < 2.0)
      cocoapods-try (>= 1.1.0, < 2.0)
      colored2 (~> 3.1)
      escape (~> 0.0.4)
      fourflusher (>= 2.3.0, < 3.0)
      gh_inspector (~> 1.0)
      molinillo (~> 0.6.6)
      nap (~> 1.0)
      ruby-macho (~> 1.4)
      xcodeproj (>= 1.10.0, < 2.0)

GEM
  remote: https://rubygems.org/
  specs:
    CFPropertyList (3.0.0)
    activesupport (4.2.11.1)
      i18n (~> 0.7)
      minitest (~> 5.1)
      thread_safe (~> 0.3, >= 0.3.4)
      tzinfo (~> 1.1)
    addressable (2.5.1)
      public_suffix (~> 2.0, >= 2.0.2)
    ast (2.2.0)
    atomos (0.1.3)
    awesome_print (1.6.1)
    bacon (1.2.0)
    claide-plugins (0.9.2)
      cork
      nap
      open4 (~> 1.3)
    clintegracon (0.9.0)
      colored2 (~> 3.1)
      diffy
    cocoapods-dependencies (1.0.0.beta.1)
      ruby-graphviz (~> 1.2)
    cocoapods_debug (0.1.0)
      pry (= 0.10.3)
    coderay (1.1.2)
    colored2 (3.1.2)
    concurrent-ruby (1.1.5)
    cork (0.3.0)
      colored2 (~> 3.1)
    crack (0.4.3)
      safe_yaml (~> 1.0.0)
    danger (5.3.0)
      claide (~> 1.0)
      claide-plugins (>= 0.9.2)
      colored2 (~> 3.1)
      cork (~> 0.1)
      faraday (~> 0.9)
      faraday-http-cache (~> 1.0)
      git (~> 1)
      kramdown (~> 1.5)
      octokit (~> 4.2)
      terminal-table (~> 1)
    diffy (3.2.1)
    escape (0.0.4)
    faraday (0.12.1)
      multipart-post (>= 1.2, < 3)
    faraday-http-cache (1.3.1)
      faraday (~> 0.8)
    ffi (1.9.25)
    fourflusher (2.3.1)
    fuzzy_match (2.0.4)
    gh_inspector (1.1.3)
    git (1.3.0)
    hashdiff (0.3.1)
    i18n (0.9.5)
      concurrent-ruby (~> 1.0)
    inch (0.8.0)
      pry
      sparkr (>= 0.2.0)
      term-ansicolor
      yard (~> 0.9.12)
    inch_by_inch (1.0.1)
      inch (~> 0.8.0)
      rake (~> 10.0)
    kicker (3.0.0)
      listen (~> 1.3.0)
      notify (~> 0.5.2)
    kramdown (1.13.2)
    listen (1.3.1)
      rb-fsevent (>= 0.9.3)
      rb-inotify (>= 0.9)
      rb-kqueue (>= 0.2)
    metaclass (0.0.4)
    method_source (0.8.2)
    minitest (5.11.3)
    mocha (1.2.1)
      metaclass (~> 0.0.1)
    mocha-on-bacon (0.2.3)
      mocha (>= 0.13.0)
    multipart-post (2.0.0)
    nap (1.1.0)
    netrc (0.11.0)
    notify (0.5.2)
    octokit (4.7.0)
      sawyer (~> 0.8.0, >= 0.5.3)
    open4 (1.3.4)
    parser (2.3.0.6)
      ast (~> 2.2)
    powerpack (0.1.1)
    prettybacon (0.0.2)
      bacon (~> 1.2)
    pry (0.10.3)
      coderay (~> 1.1.0)
      method_source (~> 0.8.1)
      slop (~> 3.4)
    public_suffix (2.0.5)
    rainbow (2.1.0)
    rake (10.5.0)
    rb-fsevent (0.9.4)
    rb-inotify (0.9.5)
      ffi (>= 0.5.0)
    rb-kqueue (0.2.3)
      ffi (>= 0.5.0)
    rubocop (0.37.2)
      parser (>= 2.3.0.4, < 3.0)
      powerpack (~> 0.1)
      rainbow (>= 1.99.1, < 3.0)
      ruby-progressbar (~> 1.7)
      unicode-display_width (~> 0.3)
    ruby-graphviz (1.2.2)
    ruby-macho (1.4.0)
    ruby-prof (0.15.2)
    ruby-progressbar (1.7.5)
    safe_yaml (1.0.4)
    sawyer (0.8.1)
      addressable (>= 2.3.5, < 2.6)
      faraday (~> 0.8, < 1.0)
    slop (3.6.0)
    sparkr (0.4.1)
    term-ansicolor (1.6.0)
      tins (~> 1.0)
    terminal-table (1.6.0)
    thread_safe (0.3.6)
    tins (1.16.3)
    tzinfo (1.2.5)
      thread_safe (~> 0.1)
    unicode-display_width (0.3.1)
    webmock (2.3.1)
      addressable (>= 2.3.6)
      crack (>= 0.3.2)
      hashdiff
    yard (0.9.12)

PLATFORMS
  ruby

DEPENDENCIES
  awesome_print
  bacon
  bundler (~> 1.3)
  claide!
  clintegracon
  cocoapods!
  cocoapods-core!
  cocoapods-deintegrate!
  cocoapods-dependencies (~> 1.0.beta.1)
  cocoapods-downloader!
  cocoapods-plugins!
  cocoapods-search!
  cocoapods-stats!
  cocoapods-trunk!
  cocoapods-try!
  cocoapods_debug
  danger
  diffy
  inch_by_inch
  json!
  kicker
  mocha
  mocha-on-bacon
  molinillo!
  nanaimo!
  prettybacon
  rake (~> 10.0)
  rb-fsevent
  rubocop
  ruby-prof
  webmock
  xcodeproj!

BUNDLED WITH
   1.17.3
