GIT
  remote: https://github.com/CocoaPods/CLAide.git
  revision: f16fb46831ae1ca77f0d1dc7e538a50044ee4951
  branch: master
  specs:
    claide (0.9.1)

GIT
  remote: https://github.com/CocoaPods/Core.git
  revision: bfcccd59d90bdc322df272af7b62e162f768905b
  branch: seg-podfile-refactor
  specs:
    cocoapods-core (0.39.0)
      activesupport (>= 4.0.2)
      fuzzy_match (~> 2.0.4)
      nap (~> 1.0)

GIT
  remote: https://github.com/CocoaPods/Molinillo.git
  revision: 3aa370af87ec94e316a57a79f3e4b5a7a616837e
  branch: master
  specs:
    molinillo (0.4.0)

GIT
  remote: https://github.com/CocoaPods/Xcodeproj.git
  revision: ffeadb7ca0edc5afafbac0304cf088c4e4b75ae5
  branch: master
  specs:
    xcodeproj (0.28.2)
      activesupport (>= 3)
      claide (~> 0.9.1)
      colored (~> 1.2)

GIT
  remote: https://github.com/CocoaPods/cocoapods-deintegrate.git
  revision: 7fa96ce9ccd9bda7e289a485111649f842189df6
  branch: master
  specs:
    cocoapods-deintegrate (0.2.1)

GIT
  remote: https://github.com/CocoaPods/cocoapods-downloader.git
  revision: b35c7514683d8a5e3118d5333c15f941d40004fd
  branch: master
  specs:
    cocoapods-downloader (0.9.3)

GIT
  remote: https://github.com/CocoaPods/cocoapods-plugins.git
  revision: 220c609c625b5da2981b246a6847872a43598d69
  branch: master
  specs:
    cocoapods-plugins (0.4.2)
      nap

GIT
  remote: https://github.com/CocoaPods/cocoapods-search.git
  revision: 4281e740769875ba4e48748b73c7ff832a8d336e
  branch: master
  specs:
    cocoapods-search (0.1.0)

GIT
  remote: https://github.com/CocoaPods/cocoapods-stats.git
  revision: 2cd4641aaadea0590233f9449552e8adb2398f0c
  branch: master
  specs:
    cocoapods-stats (0.6.2)

GIT
  remote: https://github.com/CocoaPods/cocoapods-trunk.git
  revision: 82542cb68816691a35053dfd4b9333ede8158a0c
  branch: master
  specs:
    cocoapods-trunk (0.6.4)
      nap (>= 0.8, < 2.0)
      netrc (= 0.7.8)

GIT
  remote: https://github.com/CocoaPods/cocoapods-try.git
  revision: 44d0e4de7bce3054d60b70c2b6ce961956a74493
  branch: master
  specs:
    cocoapods-try (0.5.1)

GIT
  remote: https://github.com/segiddins/json.git
  revision: d4011cabfaa80e9b0da81947b5e9b38dd47359db
  branch: seg-1.7.7-ruby-2.2
  specs:
    json (1.7.7)

PATH
  remote: .
  specs:
    cocoapods (0.39.0)
      activesupport (>= 4.0.2)
      claide (~> 0.9.1)
      cocoapods-core (= 0.39.0)
      cocoapods-deintegrate (~> 0.2.1)
      cocoapods-downloader (~> 0.9.3)
      cocoapods-plugins (~> 0.4.2)
      cocoapods-search (~> 0.1.0)
      cocoapods-stats (~> 0.6.2)
      cocoapods-trunk (~> 0.6.4)
      cocoapods-try (~> 0.5.1)
      colored (~> 1.2)
      escape (~> 0.0.4)
      molinillo (~> 0.4.0)
      nap (~> 1.0)
      xcodeproj (~> 0.28.2)

GEM
  remote: https://rubygems.org/
  specs:
    activesupport (4.2.5)
      i18n (~> 0.7)
      json (~> 1.7, >= 1.7.7)
      minitest (~> 5.1)
      thread_safe (~> 0.3, >= 0.3.4)
      tzinfo (~> 1.1)
    addressable (2.3.6)
    ast (2.1.0)
    astrolabe (1.3.1)
      parser (~> 2.2)
    awesome_print (1.6.1)
    bacon (1.2.0)
    clintegracon (0.6.1)
      colored (~> 1.2)
      diffy
    cocoapods-dependencies (0.5.1)
      ruby-graphviz (~> 1.2)
    coderay (1.1.0)
    colored (1.2)
    crack (0.4.2)
      safe_yaml (~> 1.0.0)
    diffy (3.0.7)
    escape (0.0.4)
    ffi (1.9.6)
    fuzzy_match (2.0.4)
    i18n (0.7.0)
    inch (0.7.0)
      pry
      sparkr (>= 0.2.0)
      term-ansicolor
      yard (~> 0.8.7.5)
    inch_by_inch (1.0.0)
      inch (~> 0.7.0)
      rake (~> 10.0)
    kicker (3.0.0)
      listen (~> 1.3.0)
      notify (~> 0.5.2)
    listen (1.3.1)
      rb-fsevent (>= 0.9.3)
      rb-inotify (>= 0.9)
      rb-kqueue (>= 0.2)
    metaclass (0.0.4)
    method_source (0.8.2)
    minitest (5.8.3)
    mocha (1.1.0)
      metaclass (~> 0.0.1)
    mocha-on-bacon (0.2.2)
      mocha (>= 0.13.0)
    nap (1.0.0)
    netrc (0.7.8)
    notify (0.5.2)
    parser (2.2.2.6)
      ast (>= 1.1, < 3.0)
    powerpack (0.1.1)
    prettybacon (0.0.2)
      bacon (~> 1.2)
    pry (0.10.3)
      coderay (~> 1.1.0)
      method_source (~> 0.8.1)
      slop (~> 3.4)
    rainbow (2.0.0)
    rake (10.4.2)
    rb-fsevent (0.9.4)
    rb-inotify (0.9.5)
      ffi (>= 0.5.0)
    rb-kqueue (0.2.3)
      ffi (>= 0.5.0)
    rubocop (0.34.2)
      astrolabe (~> 1.3)
      parser (>= 2.2.2.5, < 3.0)
      powerpack (~> 0.1)
      rainbow (>= 1.99.1, < 3.0)
      ruby-progressbar (~> 1.4)
    ruby-graphviz (1.2.2)
    ruby-prof (0.15.2)
    ruby-progressbar (1.7.5)
    safe_yaml (1.0.4)
    slop (3.6.0)
    sparkr (0.4.1)
    term-ansicolor (1.3.2)
      tins (~> 1.0)
    thread_safe (0.3.5)
    tins (1.8.1)
    tzinfo (1.2.2)
      thread_safe (~> 0.1)
    webmock (1.20.4)
      addressable (>= 2.3.6)
      crack (>= 0.3.2)
    yard (0.8.7.6)

PLATFORMS
  ruby

DEPENDENCIES
  awesome_print
  bacon
  bundler (~> 1.3)
  claide!
  clintegracon
  cocoapods!
  cocoapods-core!
  cocoapods-deintegrate!
  cocoapods-dependencies
  cocoapods-downloader!
  cocoapods-plugins!
  cocoapods-search!
  cocoapods-stats!
  cocoapods-trunk!
  cocoapods-try!
  diffy
  inch_by_inch
  json!
  kicker
  mocha
  mocha-on-bacon
  molinillo!
  prettybacon
  rake (~> 10.0)
  rb-fsevent
  rubocop
  ruby-prof
  webmock
  xcodeproj!

BUNDLED WITH
   1.11.2
