GIT
  remote: https://github.com/CocoaPods/CLAide.git
  revision: 97b765ec88aa4f347d19d416afc732a880e67826
  branch: master
  specs:
    claide (1.1.0)

GIT
  remote: https://github.com/CocoaPods/Core.git
  revision: d9cdb56b6b5d8bf11ab7b04cc3e01587f6196d8c
  branch: master
  specs:
    cocoapods-core (1.15.2)
      activesupport (>= 5.0, < 8)
      addressable (~> 2.8)
      algoliasearch (~> 1.0)
      concurrent-ruby (~> 1.1)
      fuzzy_match (~> 2.0.4)
      nap (~> 1.0)
      netrc (~> 0.11)
      public_suffix (~> 4.0)
      typhoeus (~> 1.0)

GIT
  remote: https://github.com/CocoaPods/Molinillo.git
  revision: 6bc3d6045edadf800ba1b634fef15d3574369e60
  branch: master
  specs:
    molinillo (0.8.0)

GIT
  remote: https://github.com/CocoaPods/Nanaimo.git
  revision: 2a5c613f3f1f95903293d10ecd87ee4ce2400c75
  branch: master
  specs:
    nanaimo (0.3.0)

GIT
  remote: https://github.com/CocoaPods/Xcodeproj.git
  revision: 2a865f127971be0c660267ea8a16e8757759a856
  branch: master
  specs:
    xcodeproj (1.24.0)
      CFPropertyList (>= 2.3.3, < 4.0)
      atomos (~> 0.1.3)
      claide (>= 1.0.2, < 2.0)
      colored2 (~> 3.1)
      nanaimo (~> 0.3.0)
      rexml (~> 3.2.4)

GIT
  remote: https://github.com/CocoaPods/cocoapods-deintegrate.git
  revision: 2e378b88c65a21a4b89fad989a81a23caec48cdf
  branch: master
  specs:
    cocoapods-deintegrate (1.0.5)

GIT
  remote: https://github.com/CocoaPods/cocoapods-downloader.git
  revision: e6851647294166da0b47f2619cc60b761b77f498
  branch: master
  specs:
    cocoapods-downloader (2.1)

GIT
  remote: https://github.com/CocoaPods/cocoapods-plugins.git
  revision: e03e1c7473356a6629489eb4dcbaf6fb4392df4a
  branch: master
  specs:
    cocoapods-plugins (1.0.0)
      nap

GIT
  remote: https://github.com/CocoaPods/cocoapods-search.git
  revision: 1d10b7a71e1b7de865560d4af5ab1d9dcce5ea1d
  branch: master
  specs:
    cocoapods-search (1.0.1)

GIT
  remote: https://github.com/CocoaPods/cocoapods-trunk.git
  revision: 080730057d0d832811be54f9fd825e1174d2af71
  branch: master
  specs:
    cocoapods-trunk (1.6.0)
      nap (>= 0.8, < 2.0)
      netrc (~> 0.11)

GIT
  remote: https://github.com/CocoaPods/cocoapods-try.git
  revision: c30ca17e364e10086aa75ac5f2f61f368d7c7e95
  branch: master
  specs:
    cocoapods-try (1.2.0)

GIT
  remote: https://github.com/CocoaPods/inch_by_inch.git
  revision: 484fd1ff09c23dc0fc3f3affd97a079dbd51ad23
  branch: loosen-dependency
  specs:
    inch_by_inch (1.0.1)
      inch (~> 0.8)
      rake

GIT
  remote: https://github.com/leahneukirchen/bacon.git
  revision: 34068e01b6cc8b83f744b28e8ae7b4fd07affccb
  specs:
    bacon (1.2.0)

GIT
  remote: https://github.com/mrackwitz/CLIntegracon.git
  revision: ca88b7b8920b6b6542f9b4ad2b1748855783dbae
  specs:
    clintegracon (0.9.0)
      colored2 (~> 3.1)
      diffy

PATH
  remote: .
  specs:
    cocoapods (1.15.2)
      addressable (~> 2.8)
      claide (>= 1.0.2, < 2.0)
      cocoapods-core (= 1.15.2)
      cocoapods-deintegrate (>= 1.0.3, < 2.0)
      cocoapods-downloader (>= 2.1, < 3.0)
      cocoapods-plugins (>= 1.0.0, < 2.0)
      cocoapods-search (>= 1.0.0, < 2.0)
      cocoapods-trunk (>= 1.6.0, < 2.0)
      cocoapods-try (>= 1.1.0, < 2.0)
      colored2 (~> 3.1)
      escape (~> 0.0.4)
      fourflusher (>= 2.3.0, < 3.0)
      gh_inspector (~> 1.0)
      molinillo (~> 0.8.0)
      nap (~> 1.0)
      ruby-macho (>= 2.3.0, < 3.0)
      xcodeproj (>= 1.24.0, < 2.0)

GEM
  remote: https://rubygems.org/
  specs:
    CFPropertyList (3.0.6)
      rexml
    activesupport (6.1.7.6)
      concurrent-ruby (~> 1.0, >= 1.0.2)
      i18n (>= 1.6, < 2)
      minitest (>= 5.1)
      tzinfo (~> 2.0)
      zeitwerk (~> 2.3)
    addressable (2.8.6)
      public_suffix (>= 2.0.2, < 6.0)
    algoliasearch (1.27.5)
      httpclient (~> 2.8, >= 2.8.3)
      json (>= 1.5.1)
    ast (2.4.2)
    atomos (0.1.3)
    awesome_print (1.9.2)
    bigdecimal (3.1.6)
    claide-plugins (0.9.2)
      cork
      nap
      open4 (~> 1.3)
    cocoapods-dependencies (1.3.0)
      ruby-graphviz (~> 1.2)
    cocoapods_debug (0.1.0)
      pry (= 0.10.3)
    coderay (1.1.3)
    colored2 (3.1.2)
    concurrent-ruby (1.2.3)
    cork (0.3.0)
      colored2 (~> 3.1)
    crack (0.4.5)
      rexml
    danger (8.6.1)
      claide (~> 1.0)
      claide-plugins (>= 0.9.2)
      colored2 (~> 3.1)
      cork (~> 0.1)
      faraday (>= 0.9.0, < 2.0)
      faraday-http-cache (~> 2.0)
      git (~> 1.7)
      kramdown (~> 2.3)
      kramdown-parser-gfm (~> 1.0)
      no_proxy_fix
      octokit (~> 4.7)
      terminal-table (>= 1, < 4)
    diffy (3.4.2)
    docile (1.4.0)
    escape (0.0.4)
    ethon (0.16.0)
      ffi (>= 1.15.0)
    faraday (1.10.3)
      faraday-em_http (~> 1.0)
      faraday-em_synchrony (~> 1.0)
      faraday-excon (~> 1.1)
      faraday-httpclient (~> 1.0)
      faraday-multipart (~> 1.0)
      faraday-net_http (~> 1.0)
      faraday-net_http_persistent (~> 1.0)
      faraday-patron (~> 1.0)
      faraday-rack (~> 1.0)
      faraday-retry (~> 1.0)
      ruby2_keywords (>= 0.0.4)
    faraday-em_http (1.0.0)
    faraday-em_synchrony (1.0.0)
    faraday-excon (1.1.0)
    faraday-http-cache (2.5.1)
      faraday (>= 0.8)
    faraday-httpclient (1.0.1)
    faraday-multipart (1.0.4)
      multipart-post (~> 2)
    faraday-net_http (1.0.1)
    faraday-net_http_persistent (1.2.0)
    faraday-patron (1.0.0)
    faraday-rack (1.0.0)
    faraday-retry (1.0.3)
    ffi (1.16.3)
    fourflusher (2.3.1)
    fuzzy_match (2.0.4)
    gh_inspector (1.1.3)
    git (1.19.1)
      addressable (~> 2.8)
      rchardet (~> 1.8)
    hashdiff (1.1.0)
    httpclient (2.8.3)
    i18n (1.14.1)
      concurrent-ruby (~> 1.0)
    inch (0.8.0)
      pry
      sparkr (>= 0.2.0)
      term-ansicolor
      yard (~> 0.9.12)
    json (2.7.1)
    kicker (3.0.0)
      listen (~> 1.3.0)
      notify (~> 0.5.2)
    kramdown (2.4.0)
      rexml
    kramdown-parser-gfm (1.1.0)
      kramdown (~> 2.0)
    listen (1.3.1)
      rb-fsevent (>= 0.9.3)
      rb-inotify (>= 0.9)
      rb-kqueue (>= 0.2)
    metaclass (0.0.4)
    method_source (0.8.2)
    minitest (5.22.0)
    mocha (1.4.0)
      metaclass (~> 0.0.1)
    mocha-on-bacon (0.2.3)
      mocha (>= 0.13.0)
    multipart-post (2.3.0)
    nap (1.1.0)
    netrc (0.11.0)
    no_proxy_fix (0.1.2)
    notify (0.5.2)
    octokit (4.18.0)
      faraday (>= 0.9)
      sawyer (~> 0.8.0, >= 0.5.3)
    open4 (1.3.4)
    parallel (1.24.0)
    parser (2.7.2.0)
      ast (~> 2.4.1)
    powerpack (0.1.3)
    prettybacon (0.0.2)
      bacon (~> 1.2)
    pry (0.10.3)
      coderay (~> 1.1.0)
      method_source (~> 0.8.1)
      slop (~> 3.4)
    public_suffix (4.0.7)
    rainbow (2.2.2)
      rake
    rake (12.3.3)
    rb-fsevent (0.11.2)
    rb-inotify (0.10.1)
      ffi (~> 1.0)
    rb-kqueue (0.2.8)
      ffi (>= 0.5.0)
    rchardet (1.8.0)
    rexml (3.2.6)
    rubocop (0.50.0)
      parallel (~> 1.10)
      parser (>= 2.3.3.1, < 3.0)
      powerpack (~> 0.1)
      rainbow (>= 2.2.2, < 3.0)
      ruby-progressbar (~> 1.7)
      unicode-display_width (~> 1.0, >= 1.0.1)
    ruby-graphviz (1.2.4)
    ruby-macho (2.5.1)
    ruby-prof (1.7.0)
    ruby-progressbar (1.13.0)
    ruby2_keywords (0.0.5)
    sawyer (0.8.2)
      addressable (>= 2.3.5)
      faraday (> 0.8, < 2.0)
    simplecov (0.17.1)
      docile (~> 1.1)
      json (>= 1.8, < 3)
      simplecov-html (~> 0.10.0)
    simplecov-html (0.10.2)
    slop (3.6.0)
    sparkr (0.4.1)
    sync (0.5.0)
    term-ansicolor (1.7.1)
      tins (~> 1.0)
    terminal-table (3.0.2)
      unicode-display_width (>= 1.1.1, < 3)
    tins (1.32.1)
      sync
    typhoeus (1.4.1)
      ethon (>= 0.9.0)
    tzinfo (2.0.6)
      concurrent-ruby (~> 1.0)
    unicode-display_width (1.8.0)
    webmock (3.19.1)
      addressable (>= 2.8.0)
      crack (>= 0.3.2)
      hashdiff (>= 0.4.0, < 2.0.0)
    yard (0.9.34)
    zeitwerk (2.6.13)

PLATFORMS
  ruby

DEPENDENCIES
  activesupport (> 5, < 7)
  awesome_print
  bacon!
  bigdecimal (~> 3.0)
  bundler (~> 2.0)
  claide!
  clintegracon!
  cocoapods!
  cocoapods-core!
  cocoapods-deintegrate!
  cocoapods-dependencies (~> 1.0.beta.1)
  cocoapods-downloader!
  cocoapods-plugins!
  cocoapods-search!
  cocoapods-trunk!
  cocoapods-try!
  cocoapods_debug
  danger (~> 8.0)
  diffy
  inch_by_inch!
  kicker
  mocha (< 1.5)
  mocha-on-bacon
  molinillo!
  nanaimo!
  netrc
  octokit (~> 4.18.0)
  prettybacon
  public_suffix
  rake (~> 12.3)
  rb-fsevent
  rubocop (= 0.50.0)
  ruby-graphviz (< 1.2.5)
  ruby-prof
  simplecov (< 0.18)
  typhoeus
  webmock
  xcodeproj!

BUNDLED WITH
   2.3.26
