GIT
  remote: git://github.com/CocoaPods/Xcodeproj.git
  revision: 2817d17a0ea88dba76e898a1c71cbac615d76fc2
  specs:
    xcodeproj (0.1.0)

GEM
  remote: http://rubygems.org/
  specs:
    addressable (2.2.7)
    awesome_print (1.0.2)
    bacon (1.1.0)
    coderay (1.0.5)
    colored (1.2)
    crack (0.3.1)
    escape (0.0.4)
    kicker (2.5.0)
      rb-fsevent
    metaclass (0.0.1)
    method_source (0.7.1)
    mocha (0.10.5)
      metaclass (~> 0.0.1)
    mocha-on-bacon (0.2.0)
      mocha (>= 0.9.8)
    open4 (1.3.0)
    pry (0.9.8.4)
      coderay (~> 1.0.5)
      method_source (~> 0.7.1)
      slop (>= 2.4.4, < 3)
    rake (0.9.2.2)
    rb-fsevent (0.9.1)
    slop (2.4.4)
    vcr (2.0.1)
    webmock (1.8.6)
      addressable (>= 2.2.7)
      crack (>= 0.1.7)

PLATFORMS
  ruby

DEPENDENCIES
  awesome_print
  bacon
  colored
  escape
  kicker
  mocha-on-bacon
  open4
  pry
  rake
  rb-fsevent
  vcr
  webmock
  xcodeproj!
