GIT
  remote: https://github.com/CocoaPods/CLAide.git
  revision: 00927807580554b7d3485d673c90386d3fd8fde0
  branch: master
  specs:
    claide (0.8.1)

GIT
  remote: https://github.com/CocoaPods/Core.git
  revision: ff06595f0151dd5d2ba247251f87bab63ece1cfb
  branch: master
  specs:
    cocoapods-core (0.36.3)
      activesupport (>= 3.2.15)
      fuzzy_match (~> 2.0.4)
      nap (~> 0.8.0)

GIT
  remote: https://github.com/CocoaPods/Molinillo.git
  revision: 5e044483654aae5c4c98c58ae0272fd0fd835e50
  branch: master
  specs:
    molinillo (0.2.3)

GIT
  remote: https://github.com/CocoaPods/Xcodeproj.git
  revision: d390a868d855b9f1b6978ac1286cefd34631b732
  branch: master
  specs:
    xcodeproj (0.23.1)
      activesupport (>= 3)
      colored (~> 1.2)

GIT
  remote: https://github.com/CocoaPods/cocoapods-downloader.git
  revision: 9b414051e201decad0aaa1ae63abba27f61ce11f
  branch: master
  specs:
    cocoapods-downloader (0.9.0)

GIT
  remote: https://github.com/CocoaPods/cocoapods-plugins.git
  revision: 08e88e6d8b87bf41faa81994b13a64c56b6caea4
  branch: master
  specs:
    cocoapods-plugins (0.4.2)
      nap

GIT
  remote: https://github.com/CocoaPods/cocoapods-trunk.git
  revision: 7b05f5126000151d3975b33c5cac4bd94a8c0ac2
  branch: master
  specs:
    cocoapods-trunk (0.6.0)
      nap (>= 0.8)
      netrc (= 0.7.8)

GIT
  remote: https://github.com/CocoaPods/cocoapods-try.git
  revision: 30b22d977b440ff4ef2c467b90f4191d321dda4b
  branch: master
  specs:
    cocoapods-try (0.4.3)

PATH
  remote: .
  specs:
    cocoapods (0.36.3)
      activesupport (>= 3.2.15)
      claide (~> 0.8.1)
      cocoapods-core (= 0.36.3)
      cocoapods-downloader (~> 0.9.0)
      cocoapods-plugins (~> 0.4.2)
      cocoapods-trunk (~> 0.6.0)
      cocoapods-try (~> 0.4.3)
      colored (~> 1.2)
      escape (~> 0.0.4)
      molinillo (~> 0.2.1)
      nap (~> 0.8)
      open4 (~> 1.3)
      xcodeproj (~> 0.23.1)

GEM
  remote: http://rubygems.org/
  specs:
    activesupport (4.2.1)
      i18n (~> 0.7)
      json (~> 1.7, >= 1.7.7)
      minitest (~> 5.1)
      thread_safe (~> 0.3, >= 0.3.4)
      tzinfo (~> 1.1)
    addressable (2.3.6)
    ast (2.0.0)
    astrolabe (1.3.0)
      parser (>= 2.2.0.pre.3, < 3.0)
    awesome_print (1.6.1)
    bacon (1.2.0)
    clintegracon (0.6.1)
      colored (~> 1.2)
      diffy
    cocoapods-dependencies (0.4.0)
    colored (1.2)
    crack (0.4.2)
      safe_yaml (~> 1.0.0)
    diffy (3.0.7)
    escape (0.0.4)
    ffi (1.9.6)
    fuzzy_match (2.0.4)
    i18n (0.7.0)
    json (1.7.7)
    kicker (3.0.0)
      listen (~> 1.3.0)
      notify (~> 0.5.2)
    listen (1.3.1)
      rb-fsevent (>= 0.9.3)
      rb-inotify (>= 0.9)
      rb-kqueue (>= 0.2)
    metaclass (0.0.4)
    minitest (5.5.1)
    mocha (1.1.0)
      metaclass (~> 0.0.1)
    mocha-on-bacon (0.2.2)
      mocha (>= 0.13.0)
    nap (0.8.0)
    netrc (0.7.8)
    notify (0.5.2)
    open4 (1.3.4)
    parser (2.2.0.3)
      ast (>= 1.1, < 3.0)
    powerpack (0.1.0)
    prettybacon (0.0.2)
      bacon (~> 1.2)
    rainbow (2.0.0)
    rake (10.4.2)
    rb-fsevent (0.9.4)
    rb-inotify (0.9.5)
      ffi (>= 0.5.0)
    rb-kqueue (0.2.3)
      ffi (>= 0.5.0)
    rubocop (0.29.1)
      astrolabe (~> 1.3)
      parser (>= 2.2.0.1, < 3.0)
      powerpack (~> 0.1)
      rainbow (>= 1.99.1, < 3.0)
      ruby-progressbar (~> 1.4)
    ruby-prof (0.15.2)
    ruby-progressbar (1.7.1)
    safe_yaml (1.0.4)
    thread_safe (0.3.5)
    tzinfo (1.2.2)
      thread_safe (~> 0.1)
    webmock (1.20.4)
      addressable (>= 2.3.6)
      crack (>= 0.3.2)

PLATFORMS
  ruby

DEPENDENCIES
  awesome_print
  bacon
  bundler (~> 1.3)
  claide!
  clintegracon
  cocoapods!
  cocoapods-core!
  cocoapods-dependencies
  cocoapods-downloader!
  cocoapods-plugins!
  cocoapods-trunk!
  cocoapods-try!
  diffy
  json (= 1.7.7)
  kicker
  mocha
  mocha-on-bacon
  molinillo!
  prettybacon
  rake
  rb-fsevent
  rubocop
  ruby-prof
  webmock
  xcodeproj!
