GIT
  remote: https://github.com/CocoaPods/CLAide.git
  revision: 00986e2b185c6eca9d30a7d50073f2a819a0f61a
  branch: master
  specs:
    claide (0.7.0)

GIT
  remote: https://github.com/CocoaPods/Core.git
  revision: a00e38bc4ad61cb4cf23a5accba4ef25e48871a5
  branch: master
  specs:
    cocoapods-core (0.35.0.rc2)
      activesupport (>= 3.2.15)
      fuzzy_match (~> 2.0.4)
      nap (~> 0.8.0)

GIT
  remote: https://github.com/CocoaPods/Molinillo.git
  revision: 9c853878f87d68af1c8565ed08d167f6a90e5868
  branch: master
  specs:
    molinillo (0.1.1)

GIT
  remote: https://github.com/CocoaPods/Xcodeproj.git
  revision: da560ddfffc7f9d6c1fa529c999e1df6ef94e240
  branch: ext_build_settings
  specs:
    xcodeproj (0.20.1)
      activesupport (>= 3)
      colored (~> 1.2)

GIT
  remote: https://github.com/CocoaPods/cocoapods-downloader.git
  revision: 48024b25a74cc3b55aaf2db06dfab4e500d20583
  branch: master
  specs:
    cocoapods-downloader (0.7.2)

GIT
  remote: https://github.com/CocoaPods/cocoapods-plugins.git
  revision: 60cb1eae2f43b362cbefa9cb5c9ea40361e9b8b8
  branch: master
  specs:
    cocoapods-plugins (0.3.2)
      nap

GIT
  remote: https://github.com/CocoaPods/cocoapods-trunk.git
  revision: 7d5845dd63d3174238465a4aa3a760528f791096
  branch: master
  specs:
    cocoapods-trunk (0.4.0)
      nap (>= 0.8)
      netrc (= 0.7.8)

GIT
  remote: https://github.com/CocoaPods/cocoapods-try.git
  revision: 1e93a5600971c2782d0f3f03ded62c619c71991a
  branch: master
  specs:
    cocoapods-try (0.4.2)

PATH
  remote: .
  specs:
    cocoapods (0.35.0.rc2)
      activesupport (>= 3.2.15)
      claide (~> 0.7.0)
      cocoapods-core (= 0.35.0.rc2)
      cocoapods-downloader (~> 0.7.2)
      cocoapods-plugins (~> 0.3.1)
      cocoapods-trunk (~> 0.4.0)
      cocoapods-try (~> 0.4.2)
      colored (~> 1.2)
      escape (~> 0.0.4)
      molinillo (~> 0.1.1)
      nap (~> 0.8)
      open4 (~> 1.3)
      xcodeproj (~> 0.20.1)

GEM
  remote: http://rubygems.org/
  specs:
    activesupport (4.1.7)
      i18n (~> 0.6, >= 0.6.9)
      json (~> 1.7, >= 1.7.7)
      minitest (~> 5.1)
      thread_safe (~> 0.1)
      tzinfo (~> 1.1)
    addressable (2.3.6)
    ast (2.0.0)
    astrolabe (1.3.0)
      parser (>= 2.2.0.pre.3, < 3.0)
    awesome_print (1.2.0)
    bacon (1.2.0)
    clintegracon (0.5.3)
      colored (~> 1.2)
      diffy
    cocoapods-dependencies (0.3.1)
    coderay (1.1.0)
    colored (1.2)
    crack (0.4.2)
      safe_yaml (~> 1.0.0)
    diffy (3.0.7)
    escape (0.0.4)
    ffi (1.9.6)
    fuzzy_match (2.0.4)
    i18n (0.6.11)
    json (1.7.7)
    kicker (3.0.0)
      listen (~> 1.3.0)
      notify (~> 0.5.2)
    listen (1.3.1)
      rb-fsevent (>= 0.9.3)
      rb-inotify (>= 0.9)
      rb-kqueue (>= 0.2)
    metaclass (0.0.4)
    method_source (0.8.2)
    minitest (5.4.2)
    mocha (1.1.0)
      metaclass (~> 0.0.1)
    mocha-on-bacon (0.2.2)
      mocha (>= 0.13.0)
    nap (0.8.0)
    netrc (0.7.8)
    notify (0.5.2)
    open4 (1.3.4)
    parser (2.2.0.pre.7)
      ast (>= 1.1, < 3.0)
      slop (~> 3.4, >= 3.4.5)
    powerpack (0.0.9)
    prettybacon (0.0.2)
      bacon (~> 1.2)
    pry (0.10.1)
      coderay (~> 1.1.0)
      method_source (~> 0.8.1)
      slop (~> 3.4)
    rainbow (2.0.0)
    rake (10.3.2)
    rb-fsevent (0.9.4)
    rb-inotify (0.9.5)
      ffi (>= 0.5.0)
    rb-kqueue (0.2.3)
      ffi (>= 0.5.0)
    rubocop (0.26.1)
      astrolabe (~> 1.3)
      parser (>= 2.2.0.pre.4, < 3.0)
      powerpack (~> 0.0.6)
      rainbow (>= 1.99.1, < 3.0)
      ruby-progressbar (~> 1.4)
    ruby-prof (0.15.2)
    ruby-progressbar (1.7.0)
    safe_yaml (1.0.4)
    slop (3.6.0)
    thread_safe (0.3.4)
    tzinfo (1.2.2)
      thread_safe (~> 0.1)
    webmock (1.20.3)
      addressable (>= 2.3.6)
      crack (>= 0.3.2)

PLATFORMS
  ruby

DEPENDENCIES
  awesome_print
  bacon
  bundler (~> 1.3)
  claide!
  clintegracon
  cocoapods!
  cocoapods-core!
  cocoapods-dependencies
  cocoapods-downloader!
  cocoapods-plugins!
  cocoapods-trunk!
  cocoapods-try!
  diffy
  json (= 1.7.7)
  kicker
  mocha
  mocha-on-bacon
  molinillo!
  prettybacon
  pry
  rake
  rb-fsevent
  rubocop (~> 0.26.0)
  ruby-prof
  webmock
  xcodeproj!
