GIT
  remote: https://github.com/CocoaPods/CLAide.git
  revision: e97c290ccc133ed03b856ca5527cfc47610ac901
  branch: master
  specs:
    claide (0.3.2)

GIT
  remote: https://github.com/CocoaPods/Core.git
  revision: 24b9357066e2d174d5e066de78b82e57b94a593a
  branch: master
  specs:
    cocoapods-core (0.25.0)
      activesupport (~> 3.0)
      json (~> 1.8)
      nap (~> 0.5)

GIT
  remote: https://github.com/CocoaPods/Xcodeproj.git
  revision: 12c03cded738b149371e0aecc344d4436061c38c
  branch: master
  specs:
    xcodeproj (0.11.1)
      activesupport (~> 3.2)
      colored (~> 1.2)

GIT
  remote: https://github.com/CocoaPods/cocoapods-downloader.git
  revision: e1d5a83fcd4c22e2f54e4a3517c69405c5acad55
  branch: master
  specs:
    cocoapods-downloader (0.2.0)

GIT
  remote: https://github.com/alloy/kicker.git
  revision: 56d7bc857278cc00900d37ef0cf2167cf606b57c
  branch: master
  specs:
    kicker (2.6.1)
      listen (~> 1.1.0)

GIT
  remote: https://github.com/irrationalfab/PrettyBacon.git
  revision: 926c214ade1ec1cbc9544d603e36f15a780f7e68
  branch: master
  specs:
    prettybacon (0.0.1)
      bacon (~> 1.2)

GIT
  remote: https://github.com/lemurheavy/coveralls-ruby.git
  revision: b1a5dcc23a4a9cb02a6a1560c63861d102530cd9
  specs:
    coveralls (0.7.0)
      multi_json (~> 1.3)
      rest-client
      simplecov (>= 0.7)
      term-ansicolor
      thor

PATH
  remote: .
  specs:
    cocoapods (0.25.0)
      activesupport (~> 3.2)
      claide (~> 0.3.2)
      cocoapods-core (= 0.25.0)
      cocoapods-downloader (~> 0.2.0)
      colored (~> 1.2)
      escape (~> 0.0.4)
      json (~> 1.8)
      open4 (~> 1.3)
      xcodeproj (~> 0.11.0)

GEM
  remote: http://rubygems.org/
  specs:
    activesupport (3.2.14)
      i18n (~> 0.6, >= 0.6.4)
      multi_json (~> 1.0)
    awesome_print (1.1.0)
    bacon (1.2.0)
    coderay (1.0.9)
    colored (1.2)
    diffy (3.0.1)
    escape (0.0.4)
    ffi (1.9.0)
    github-markup (0.7.5)
    i18n (0.6.5)
    json (1.8.0)
    listen (1.1.6)
      rb-fsevent (>= 0.9.3)
      rb-inotify (>= 0.9)
      rb-kqueue (>= 0.2)
    metaclass (0.0.1)
    method_source (0.8.2)
    mime-types (1.25)
    mocha (0.14.0)
      metaclass (~> 0.0.1)
    mocha-on-bacon (0.2.2)
      mocha (>= 0.13.0)
    multi_json (1.8.0)
    nap (0.5.1)
    open4 (1.3.0)
    posix-spawn (0.3.6)
    pry (0.9.12.2)
      coderay (~> 1.0.5)
      method_source (~> 0.8)
      slop (~> 3.4)
    pygments.rb (0.5.2)
      posix-spawn (~> 0.3.6)
      yajl-ruby (~> 1.1.0)
    rake (10.1.0)
    rb-fsevent (0.9.3)
    rb-inotify (0.9.2)
      ffi (>= 0.5.0)
    rb-kqueue (0.2.0)
      ffi (>= 0.5.0)
    redcarpet (2.3.0)
    rest-client (1.6.7)
      mime-types (>= 1.16)
    ruby-prof (0.13.0)
    simplecov (0.7.1)
      multi_json (~> 1.0)
      simplecov-html (~> 0.7.1)
    simplecov-html (0.7.1)
    slop (3.4.6)
    term-ansicolor (1.2.2)
      tins (~> 0.8)
    thor (0.18.1)
    tins (0.10.0)
    yajl-ruby (1.1.0)
    yard (0.8.7.2)

PLATFORMS
  ruby

DEPENDENCIES
  awesome_print
  bacon
  claide!
  cocoapods!
  cocoapods-core!
  cocoapods-downloader!
  coveralls!
  diffy
  github-markup
  kicker!
  mocha
  mocha-on-bacon
  prettybacon!
  pry
  pygments.rb
  rake
  rb-fsevent
  redcarpet (< 3.0.0)
  ruby-prof
  simplecov
  xcodeproj!
  yard
