GIT
  remote: https://github.com/CocoaPods/CLAide.git
  revision: a5d1a29b08ca88f90f47104805bc4fad2efc93c9
  branch: master
  specs:
    claide (1.0.3)

GIT
  remote: https://github.com/CocoaPods/Core.git
  revision: 9584a94db960979a0182acfbf4de5e677c848847
  branch: master
  specs:
    cocoapods-core (1.10.1)
      activesupport (> 5.0, < 6)
      addressable (~> 2.6)
      algoliasearch (~> 1.0)
      concurrent-ruby (~> 1.1)
      fuzzy_match (~> 2.0.4)
      nap (~> 1.0)
      netrc (~> 0.11)
      public_suffix
      typhoeus (~> 1.0)

GIT
  remote: https://github.com/CocoaPods/Molinillo.git
  revision: 25bf6ef2de8ed02297315ce59bfa02a5d51da3da
  branch: master
  specs:
    molinillo (0.7.0)

GIT
  remote: https://github.com/CocoaPods/Nanaimo.git
  revision: 30bd8ecd80d7530c5f50029e1e67812170c91e96
  branch: master
  specs:
    nanaimo (0.3.0)

GIT
  remote: https://github.com/CocoaPods/Xcodeproj.git
  revision: 9431cddc5dd196d62db32065fd49d58810cc11c1
  branch: master
  specs:
    xcodeproj (1.19.0)
      CFPropertyList (>= 2.3.3, < 4.0)
      atomos (~> 0.1.3)
      claide (>= 1.0.2, < 2.0)
      colored2 (~> 3.1)
      nanaimo (~> 0.3.0)
      rexml (~> 3.2.4)

GIT
  remote: https://github.com/CocoaPods/cocoapods-deintegrate.git
  revision: c3372a2ea2c2134db78fc6f8d157ebb9bb943a83
  branch: master
  specs:
    cocoapods-deintegrate (1.0.4)

GIT
  remote: https://github.com/CocoaPods/cocoapods-downloader.git
  revision: 1afba7c3e26b55710317f69483c1446a60fbfb2e
  branch: master
  specs:
    cocoapods-downloader (1.4.0)

GIT
  remote: https://github.com/CocoaPods/cocoapods-plugins.git
  revision: 89f05e5bbd847b82e46e5a9ee0f3953805877828
  branch: master
  specs:
    cocoapods-plugins (1.0.0)
      nap

GIT
  remote: https://github.com/CocoaPods/cocoapods-search.git
  revision: 452eee08d6497c43afd4452c28f9d7b8da8686f1
  branch: master
  specs:
    cocoapods-search (1.0.0)

GIT
  remote: https://github.com/CocoaPods/cocoapods-trunk.git
  revision: 00eca277d17d24c272adb6c7fa8d7c2c3fe8da3b
  branch: master
  specs:
    cocoapods-trunk (1.5.0)
      nap (>= 0.8, < 2.0)
      netrc (~> 0.11)

GIT
  remote: https://github.com/CocoaPods/cocoapods-try.git
  revision: 607f9c85b4aea8a5662b68ab41cdd402f94d84c3
  branch: master
  specs:
    cocoapods-try (1.2.0)

GIT
  remote: https://github.com/leahneukirchen/bacon.git
  revision: 5e7115d577ebc98f7dc45fe628964751939f294e
  specs:
    bacon (1.2.0)

PATH
  remote: .
  specs:
    cocoapods (1.10.1)
      addressable (~> 2.6)
      claide (>= 1.0.2, < 2.0)
      cocoapods-core (= 1.10.1)
      cocoapods-deintegrate (>= 1.0.3, < 2.0)
      cocoapods-downloader (>= 1.4.0, < 2.0)
      cocoapods-plugins (>= 1.0.0, < 2.0)
      cocoapods-search (>= 1.0.0, < 2.0)
      cocoapods-trunk (>= 1.4.0, < 2.0)
      cocoapods-try (>= 1.1.0, < 2.0)
      colored2 (~> 3.1)
      escape (~> 0.0.4)
      fourflusher (>= 2.3.0, < 3.0)
      gh_inspector (~> 1.0)
      molinillo (~> 0.7.0)
      nap (~> 1.0)
      ruby-macho (~> 1.4)
      xcodeproj (>= 1.19.0, < 2.0)

GEM
  remote: https://rubygems.org/
  specs:
    CFPropertyList (3.0.3)
    activesupport (5.2.4.4)
      concurrent-ruby (~> 1.0, >= 1.0.2)
      i18n (>= 0.7, < 2)
      minitest (~> 5.1)
      tzinfo (~> 1.1)
    addressable (2.7.0)
      public_suffix (>= 2.0.2, < 5.0)
    algoliasearch (1.27.5)
      httpclient (~> 2.8, >= 2.8.3)
      json (>= 1.5.1)
    ast (2.4.0)
    atomos (0.1.3)
    awesome_print (1.6.1)
    bigdecimal (1.3.5)
    claide-plugins (0.9.2)
      cork
      nap
      open4 (~> 1.3)
    clintegracon (0.9.0)
      colored2 (~> 3.1)
      diffy
    cocoapods-dependencies (1.0.0.beta.1)
      ruby-graphviz (~> 1.2)
    cocoapods_debug (0.1.0)
      pry (= 0.10.3)
    coderay (1.1.2)
    colored2 (3.1.2)
    concurrent-ruby (1.1.7)
    cork (0.3.0)
      colored2 (~> 3.1)
    crack (0.4.5)
      rexml
    danger (5.16.1)
      claide (~> 1.0)
      claide-plugins (>= 0.9.2)
      colored2 (~> 3.1)
      cork (~> 0.1)
      faraday (~> 0.9)
      faraday-http-cache (~> 1.0)
      git (~> 1.5)
      kramdown (~> 1.5)
      no_proxy_fix
      octokit (~> 4.7)
      terminal-table (~> 1)
    diffy (3.2.1)
    docile (1.1.5)
    escape (0.0.4)
    ethon (0.13.0)
      ffi (>= 1.15.0)
    faraday (0.17.3)
      multipart-post (>= 1.2, < 3)
    faraday-http-cache (1.3.1)
      faraday (~> 0.8)
    ffi (1.15.0)
    fourflusher (2.3.1)
    fuzzy_match (2.0.4)
    gh_inspector (1.1.3)
    git (1.7.0)
      rchardet (~> 1.8)
    hashdiff (1.0.1)
    httpclient (2.8.3)
    i18n (1.8.7)
      concurrent-ruby (~> 1.0)
    inch (0.8.0)
      pry
      sparkr (>= 0.2.0)
      term-ansicolor
      yard (~> 0.9.12)
    inch_by_inch (1.0.1)
      inch (~> 0.8.0)
      rake (~> 10.0)
    json (2.5.1)
    kicker (3.0.0)
      listen (~> 1.3.0)
      notify (~> 0.5.2)
    kramdown (1.17.0)
    listen (1.3.1)
      rb-fsevent (>= 0.9.3)
      rb-inotify (>= 0.9)
      rb-kqueue (>= 0.2)
    metaclass (0.0.4)
    method_source (0.8.2)
    minitest (5.14.3)
    mocha (1.2.1)
      metaclass (~> 0.0.1)
    mocha-on-bacon (0.2.3)
      mocha (>= 0.13.0)
    multi_json (1.14.1)
    multipart-post (2.1.1)
    nap (1.1.0)
    netrc (0.11.0)
    no_proxy_fix (0.1.2)
    notify (0.5.2)
    octokit (4.18.0)
      faraday (>= 0.9)
      sawyer (~> 0.8.0, >= 0.5.3)
    open4 (1.3.4)
    parallel (1.10.0)
    parser (2.6.3.0)
      ast (~> 2.4.0)
    powerpack (0.1.2)
    prettybacon (0.0.2)
      bacon (~> 1.2)
    pry (0.10.3)
      coderay (~> 1.1.0)
      method_source (~> 0.8.1)
      slop (~> 3.4)
    public_suffix (4.0.6)
    rainbow (2.2.2)
      rake
    rake (10.5.0)
    rb-fsevent (0.9.4)
    rb-inotify (0.9.5)
      ffi (>= 0.5.0)
    rb-kqueue (0.2.3)
      ffi (>= 0.5.0)
    rchardet (1.8.0)
    rexml (3.2.4)
    rubocop (0.50.0)
      parallel (~> 1.10)
      parser (>= 2.3.3.1, < 3.0)
      powerpack (~> 0.1)
      rainbow (>= 2.2.2, < 3.0)
      ruby-progressbar (~> 1.7)
      unicode-display_width (~> 1.0, >= 1.0.1)
    ruby-graphviz (1.2.2)
    ruby-macho (1.4.0)
    ruby-prof (0.15.2)
    ruby-progressbar (1.10.1)
    sawyer (0.8.2)
      addressable (>= 2.3.5)
      faraday (> 0.8, < 2.0)
    simplecov (0.9.2)
      docile (~> 1.1.0)
      multi_json (~> 1.0)
      simplecov-html (~> 0.9.0)
    simplecov-html (0.9.0)
    slop (3.6.0)
    sparkr (0.4.1)
    term-ansicolor (1.6.0)
      tins (~> 1.0)
    terminal-table (1.8.0)
      unicode-display_width (~> 1.1, >= 1.1.1)
    thread_safe (0.3.6)
    tins (1.16.3)
    typhoeus (1.4.0)
      ethon (>= 0.9.0)
    tzinfo (1.2.9)
      thread_safe (~> 0.1)
    unicode-display_width (1.7.0)
    webmock (3.11.1)
      addressable (>= 2.3.6)
      crack (>= 0.3.2)
      hashdiff (>= 0.4.0, < 2.0.0)
    yard (0.9.12)

PLATFORMS
  ruby

DEPENDENCIES
  activesupport (> 5, < 6)
  awesome_print
  bacon!
  bigdecimal (~> 1.3.0)
  bundler (~> 1.3)
  claide!
  clintegracon
  cocoapods!
  cocoapods-core!
  cocoapods-deintegrate!
  cocoapods-dependencies (~> 1.0.beta.1)
  cocoapods-downloader!
  cocoapods-plugins!
  cocoapods-search!
  cocoapods-trunk!
  cocoapods-try!
  cocoapods_debug
  danger (~> 5.3)
  diffy
  inch_by_inch
  kicker
  mocha (< 1.5)
  mocha-on-bacon
  molinillo!
  nanaimo!
  netrc
  prettybacon
  public_suffix
  rake (~> 10.0)
  rb-fsevent
  rubocop (= 0.50.0)
  ruby-graphviz (< 1.2.5)
  ruby-prof
  simplecov (< 0.18)
  typhoeus
  webmock
  xcodeproj!

BUNDLED WITH
   1.17.3
