GEM
  remote: http://rubygems.org/
  specs:
    addressable (2.2.7)
    bacon (1.1.0)
    crack (0.3.1)
    growl (1.0.3)
    guard (0.8.8)
      thor (~> 0.14.6)
    guard-shell (0.3.0)
      guard (>= 0.2.0)
    kicker (2.5.0)
      rb-fsevent
    metaclass (0.0.1)
    mocha (0.10.4)
      metaclass (~> 0.0.1)
    mocha-on-bacon (0.2.0)
      mocha (>= 0.9.8)
    rake (0.9.2.2)
    rb-fsevent (0.9.0)
    thor (0.14.6)
    vcr (2.0.0)
    webmock (1.8.0)
      addressable (>= 2.2.7)
      crack (>= 0.1.7)

PLATFORMS
  ruby

DEPENDENCIES
  bacon
  growl
  guard
  guard-shell
  kicker
  mocha-on-bacon
  rake
  rb-fsevent
  vcr
  webmock
