GIT
  remote: https://github.com/CocoaPods/CLAide.git
  revision: b1eccc296b68b1a432e42ecf0c4b799d8551c75c
  branch: master
  specs:
    claide (0.7.0)

GIT
  remote: https://github.com/CocoaPods/Core.git
  revision: 8bfbc96858947f4db6dd1f4a3ea085b446ad35d3
  branch: master
  specs:
    cocoapods-core (0.35.0)
      activesupport (>= 3.2.15)
      fuzzy_match (~> 2.0.4)
      nap (~> 0.8.0)

GIT
  remote: https://github.com/CocoaPods/Molinillo.git
  revision: 5dbaa2997adbeba8ea4994c4d46be06b33836024
  branch: master
  specs:
    molinillo (0.1.2)

GIT
  remote: https://github.com/CocoaPods/Xcodeproj.git
  revision: 8bf91f215cb996f36c4028c78b033d1ea6b6f1fc
  branch: master
  specs:
    xcodeproj (0.20.2)
      activesupport (>= 3)
      colored (~> 1.2)

GIT
  remote: https://github.com/CocoaPods/cocoapods-downloader.git
  revision: cc4e70198d4bb3989c7a9ee55b97b507edad9aad
  branch: master
  specs:
    cocoapods-downloader (0.8.0)

GIT
  remote: https://github.com/CocoaPods/cocoapods-plugins.git
  revision: eda56691945ca10e2ce52ef72a551acc681aabdc
  branch: master
  specs:
    cocoapods-plugins (0.3.2)
      nap

GIT
  remote: https://github.com/CocoaPods/cocoapods-trunk.git
  revision: ce84d9a3c481a3d9ee9cca6fed304a5bc9ea3282
  branch: master
  specs:
    cocoapods-trunk (0.4.1)
      nap (>= 0.8)
      netrc (= 0.7.8)

GIT
  remote: https://github.com/CocoaPods/cocoapods-try.git
  revision: 1e93a5600971c2782d0f3f03ded62c619c71991a
  branch: master
  specs:
    cocoapods-try (0.4.2)

PATH
  remote: .
  specs:
    cocoapods (0.35.0)
      activesupport (>= 3.2.15)
      claide (~> 0.7.0)
      cocoapods-core (= 0.35.0)
      cocoapods-downloader (~> 0.8.0)
      cocoapods-plugins (~> 0.3.1)
      cocoapods-trunk (~> 0.4.1)
      cocoapods-try (~> 0.4.2)
      colored (~> 1.2)
      escape (~> 0.0.4)
      molinillo (~> 0.1.2)
      nap (~> 0.8)
      open4 (~> 1.3)
      xcodeproj (~> 0.20.2)

GEM
  remote: http://rubygems.org/
  specs:
    activesupport (4.1.8)
      i18n (~> 0.6, >= 0.6.9)
      json (~> 1.7, >= 1.7.7)
      minitest (~> 5.1)
      thread_safe (~> 0.1)
      tzinfo (~> 1.1)
    addressable (2.3.6)
    ast (2.0.0)
    astrolabe (1.3.0)
      parser (>= 2.2.0.pre.3, < 3.0)
    awesome_print (1.2.0)
    bacon (1.2.0)
    clintegracon (0.6.0)
      colored (~> 1.2)
      diffy
    cocoapods-dependencies (0.4.0)
    coderay (1.1.0)
    colored (1.2)
    crack (0.4.2)
      safe_yaml (~> 1.0.0)
    diffy (3.0.7)
    escape (0.0.4)
    ffi (1.9.6)
    fuzzy_match (2.0.4)
    i18n (0.6.11)
    json (1.7.7)
    kicker (3.0.0)
      listen (~> 1.3.0)
      notify (~> 0.5.2)
    listen (1.3.1)
      rb-fsevent (>= 0.9.3)
      rb-inotify (>= 0.9)
      rb-kqueue (>= 0.2)
    metaclass (0.0.4)
    method_source (0.8.2)
    minitest (5.4.3)
    mocha (1.1.0)
      metaclass (~> 0.0.1)
    mocha-on-bacon (0.2.2)
      mocha (>= 0.13.0)
    nap (0.8.0)
    netrc (0.7.8)
    notify (0.5.2)
    open4 (1.3.4)
    parser (2.2.0.pre.7)
      ast (>= 1.1, < 3.0)
      slop (~> 3.4, >= 3.4.5)
    powerpack (0.0.9)
    prettybacon (0.0.2)
      bacon (~> 1.2)
    pry (0.10.1)
      coderay (~> 1.1.0)
      method_source (~> 0.8.1)
      slop (~> 3.4)
    rainbow (2.0.0)
    rake (10.3.2)
    rb-fsevent (0.9.4)
    rb-inotify (0.9.5)
      ffi (>= 0.5.0)
    rb-kqueue (0.2.3)
      ffi (>= 0.5.0)
    rubocop (0.27.1)
      astrolabe (~> 1.3)
      parser (>= 2.2.0.pre.7, < 3.0)
      powerpack (~> 0.0.6)
      rainbow (>= 1.99.1, < 3.0)
      ruby-progressbar (~> 1.4)
    ruby-prof (0.15.2)
    ruby-progressbar (1.7.0)
    safe_yaml (1.0.4)
    slop (3.6.0)
    thread_safe (0.3.4)
    tzinfo (1.2.2)
      thread_safe (~> 0.1)
    webmock (1.20.3)
      addressable (>= 2.3.6)
      crack (>= 0.3.2)

PLATFORMS
  ruby

DEPENDENCIES
  awesome_print
  bacon
  bundler (~> 1.3)
  claide!
  clintegracon
  cocoapods!
  cocoapods-core!
  cocoapods-dependencies
  cocoapods-downloader!
  cocoapods-plugins!
  cocoapods-trunk!
  cocoapods-try!
  diffy
  json (= 1.7.7)
  kicker
  mocha
  mocha-on-bacon
  molinillo!
  prettybacon
  pry
  rake
  rb-fsevent
  rubocop
  ruby-prof
  webmock
  xcodeproj!
