GIT
  remote: https://github.com/CocoaPods/CLAide.git
  revision: b662b54098aa6ba5832c2382342cc363111bb3e6
  branch: master
  specs:
    claide (0.4.0)

GIT
  remote: https://github.com/CocoaPods/Core.git
  revision: 16b15ee5d783653ba2ccac8735abd49c039ca4d3
  branch: master
  specs:
    cocoapods-core (0.28.0)
      activesupport (>= 3.2.15, < 4)
      fuzzy_match (~> 2.0.4)
      json (~> 1.8)
      nap (~> 0.5)

GIT
  remote: https://github.com/CocoaPods/Xcodeproj.git
  revision: ceae7a7be45e760830ee95a7b4481bdab6df149d
  branch: master
  specs:
    xcodeproj (0.14.1)
      activesupport (~> 3.0)
      colored (~> 1.2)
      rake

GIT
  remote: https://github.com/CocoaPods/cocoapods-downloader.git
  revision: b3a95be1468bd6d8a46a82a027460965581e2c21
  branch: master
  specs:
    cocoapods-downloader (0.2.0)

GIT
  remote: https://github.com/alloy/kicker.git
  revision: 56d7bc857278cc00900d37ef0cf2167cf606b57c
  branch: master
  specs:
    kicker (2.6.1)
      listen (~> 1.1.0)

GIT
  remote: https://github.com/irrationalfab/PrettyBacon.git
  revision: 926c214ade1ec1cbc9544d603e36f15a780f7e68
  branch: master
  specs:
    prettybacon (0.0.1)
      bacon (~> 1.2)

PATH
  remote: .
  specs:
    cocoapods (0.28.0)
      activesupport (>= 3.2.15, < 4)
      claide (~> 0.4.0)
      cocoapods-core (= 0.28.0)
      cocoapods-downloader (~> 0.2.0)
      colored (~> 1.2)
      escape (~> 0.0.4)
      json_pure (~> 1.8)
      open4 (~> 1.3)
      xcodeproj (~> 0.14.1)

GEM
  remote: http://rubygems.org/
  specs:
    activesupport (3.2.15)
      i18n (~> 0.6, >= 0.6.4)
      multi_json (~> 1.0)
    awesome_print (1.2.0)
    bacon (1.2.0)
    coderay (1.1.0)
    colored (1.2)
    coveralls (0.7.0)
      multi_json (~> 1.3)
      rest-client
      simplecov (>= 0.7)
      term-ansicolor
      thor
    diffy (3.0.1)
    docile (1.1.0)
    escape (0.0.4)
    ffi (1.9.3)
    fuzzy_match (2.0.4)
    github-markup (0.7.5)
    i18n (0.6.5)
    json (1.8.1)
    json_pure (1.8.1)
    listen (1.1.6)
      rb-fsevent (>= 0.9.3)
      rb-inotify (>= 0.9)
      rb-kqueue (>= 0.2)
    lockfile (2.1.0)
    metaclass (0.0.1)
    method_source (0.8.2)
    mime-types (1.25)
    mocha (0.14.0)
      metaclass (~> 0.0.1)
    mocha-on-bacon (0.2.2)
      mocha (>= 0.13.0)
    multi_json (1.8.2)
    nap (0.5.1)
    open4 (1.3.0)
    posix-spawn (0.3.6)
    pry (0.9.12.3)
      coderay (~> 1.0)
      method_source (~> 0.8)
      slop (~> 3.4)
    pygments.rb (0.5.4)
      posix-spawn (~> 0.3.6)
      yajl-ruby (~> 1.1.0)
    rake (10.1.0)
    rb-fsevent (0.9.3)
    rb-inotify (0.9.2)
      ffi (>= 0.5.0)
    rb-kqueue (0.2.0)
      ffi (>= 0.5.0)
    redcarpet (2.3.0)
    rest-client (1.6.7)
      mime-types (>= 1.16)
    ruby-prof (0.13.0)
    simplecov (0.8.1)
      docile (~> 1.1.0)
      lockfile (>= 2.1.0)
      multi_json
      simplecov-html (~> 0.8.0)
    simplecov-html (0.8.0)
    slop (3.4.6)
    term-ansicolor (1.2.2)
      tins (~> 0.8)
    thor (0.18.1)
    tins (0.13.1)
    yajl-ruby (1.1.0)
    yard (0.8.7.3)

PLATFORMS
  ruby

DEPENDENCIES
  awesome_print
  bacon
  claide!
  cocoapods!
  cocoapods-core!
  cocoapods-downloader!
  coveralls
  diffy
  github-markup
  kicker!
  mime-types (< 2)
  mocha
  mocha-on-bacon
  prettybacon!
  pry
  pygments.rb
  rake
  rb-fsevent
  redcarpet (< 3.0.0)
  ruby-prof
  simplecov
  xcodeproj!
  yard
