GIT
  remote: https://github.com/CocoaPods/CLAide.git
  revision: d14c7622e87fb19e3158656b2a459c284fbe4015
  branch: master
  specs:
    claide (0.5.0)

GIT
  remote: https://github.com/CocoaPods/Core.git
  revision: d281be39c464418c0b0ee8ba4788c4d2ce074de6
  branch: master
  specs:
    cocoapods-core (0.29.0)
      activesupport (>= 3.2.15, < 4)
      fuzzy_match (~> 2.0.4)
      json_pure (~> 1.8)
      nap (~> 0.5)

GIT
  remote: https://github.com/CocoaPods/Xcodeproj.git
  revision: 607c0a9c40bf0f8a34504efade50fd2b9fd94842
  branch: master
  specs:
    xcodeproj (0.15.1)
      activesupport (~> 3.0)
      colored (~> 1.2)

GIT
  remote: https://github.com/CocoaPods/cocoapods-downloader.git
  revision: d064235f1ddc2823cb5f5f1d32f51f36e719051a
  branch: master
  specs:
    cocoapods-downloader (0.4.0)

GIT
  remote: https://github.com/CocoaPods/cocoapods-try.git
  revision: 0dff2c697f487bf1b3b3ecf21deefa99020b948e
  branch: master
  specs:
    cocoapods-try (0.2.0)

GIT
  remote: https://github.com/alloy/cocoapods-trunk.git
  revision: 20b9a8bb60ad6e59df4df7d4a960a4dd4a41afa0
  specs:
    cocoapods-trunk (0.0.1)
      json (~> 1.8)
      nap (>= 0.6)
      netrc

GIT
  remote: https://github.com/alloy/kicker.git
  revision: 87b0047202c0320d4ef62e1f1a4b2cbdefadf008
  branch: master
  specs:
    kicker (3.0.0)
      listen (~> 1.3.0)
      notify (~> 0.5.2)

GIT
  remote: https://github.com/irrationalfab/PrettyBacon.git
  revision: eaf7e6c786fd5ccc6fb88e943bf7c5e6c27569a3
  branch: master
  specs:
    prettybacon (0.0.1)
      bacon (~> 1.2)

GIT
  remote: https://github.com/ruby-prof/ruby-prof.git
  revision: b56c1268ba001f5eb55f940ca1c83bc6b83a9752
  specs:
    ruby-prof (0.14.2)

PATH
  remote: .
  specs:
    cocoapods (0.29.0)
      activesupport (>= 3.2.15, < 4)
      claide (~> 0.5.0)
      cocoapods-core (= 0.29.0)
      cocoapods-downloader (~> 0.4.0)
      cocoapods-try (~> 0.2.0)
      colored (~> 1.2)
      escape (~> 0.0.4)
      json_pure (~> 1.8)
      nap (~> 0.5)
      open4 (~> 1.3)
      xcodeproj (~> 0.15.0)

GEM
  remote: http://rubygems.org/
  specs:
    activesupport (3.2.17)
      i18n (~> 0.6, >= 0.6.4)
      multi_json (~> 1.0)
    awesome_print (1.2.0)
    bacon (1.2.0)
    coderay (1.1.0)
    colored (1.2)
    coveralls (0.7.0)
      multi_json (~> 1.3)
      rest-client
      simplecov (>= 0.7)
      term-ansicolor
      thor
    diffy (3.0.1)
    docile (1.1.2)
    escape (0.0.4)
    ffi (1.9.3)
    fuzzy_match (2.0.4)
    github-markup (1.0.0)
    i18n (0.6.9)
    json (1.8.1)
    json_pure (1.8.1)
    listen (1.3.1)
      rb-fsevent (>= 0.9.3)
      rb-inotify (>= 0.9)
      rb-kqueue (>= 0.2)
    metaclass (0.0.2)
    method_source (0.8.2)
    mime-types (1.25.1)
    mocha (1.0.0)
      metaclass (~> 0.0.1)
    mocha-on-bacon (0.2.2)
      mocha (>= 0.13.0)
    multi_json (1.9.2)
    nap (0.6.0)
    netrc (0.7.7)
    notify (0.5.2)
    open4 (1.3.3)
    posix-spawn (0.3.8)
    pry (0.9.12.6)
      coderay (~> 1.0)
      method_source (~> 0.8)
      slop (~> 3.4)
    pygments.rb (0.5.4)
      posix-spawn (~> 0.3.6)
      yajl-ruby (~> 1.1.0)
    rake (10.1.1)
    rb-fsevent (0.9.4)
    rb-inotify (0.9.3)
      ffi (>= 0.5.0)
    rb-kqueue (0.2.0)
      ffi (>= 0.5.0)
    redcarpet (2.3.0)
    rest-client (1.6.7)
      mime-types (>= 1.16)
    simplecov (0.8.2)
      docile (~> 1.1.0)
      multi_json
      simplecov-html (~> 0.8.0)
    simplecov-html (0.8.0)
    slop (3.4.7)
    term-ansicolor (1.2.2)
      tins (~> 0.8)
    thor (0.18.1)
    tins (0.13.2)
    yajl-ruby (1.1.0)
    yard (0.8.7.3)

PLATFORMS
  ruby

DEPENDENCIES
  awesome_print
  bacon
  claide!
  cocoapods!
  cocoapods-core!
  cocoapods-downloader!
  cocoapods-trunk!
  cocoapods-try!
  coveralls
  diffy
  github-markup
  kicker!
  mime-types (< 2)
  mocha
  mocha-on-bacon
  prettybacon!
  pry
  pygments.rb
  rake (~> 10.1.0)
  rb-fsevent
  redcarpet (< 3.0.0)
  ruby-prof!
  simplecov
  xcodeproj!
  yard
