GIT
  remote: https://github.com/CocoaPods/CLAide.git
  revision: 4cb13d48a907d8acf8d398f1104843df029def6d
  branch: master
  specs:
    claide (0.8.1)

GIT
  remote: https://github.com/CocoaPods/Core.git
  revision: 531d9f23bcaf2731a600767080dfefe82527994a
  branch: seg-concurrent
  specs:
    cocoapods-core (0.36.0.rc.1)
      activesupport (>= 3.2.15)
      fuzzy_match (~> 2.0.4)
      nap (~> 0.8.0)

GIT
  remote: https://github.com/CocoaPods/Molinillo.git
  revision: 27d922dd1e700832986f54c7c486c9378e5291d4
  branch: master
  specs:
    molinillo (0.2.1)

GIT
  remote: https://github.com/CocoaPods/Xcodeproj.git
  revision: 7ff20c5e3637e9c53adca3546ca2715bf694f1c9
  branch: master
  specs:
    xcodeproj (0.22.0)
      activesupport (>= 3)
      colored (~> 1.2)

GIT
  remote: https://github.com/CocoaPods/cocoapods-downloader.git
  revision: 12a653e805f1643750081a84881c7b1b554e9c23
  branch: seg-concurrent
  specs:
    cocoapods-downloader (0.8.1)

GIT
  remote: https://github.com/CocoaPods/cocoapods-plugins.git
  revision: 232f08701f4184a329f7a543c8fff4cf4edf1587
  branch: master
  specs:
    cocoapods-plugins (0.4.1)
      nap

GIT
  remote: https://github.com/CocoaPods/cocoapods-trunk.git
  revision: e540259808882826ac0a8726cb9daa23e13b005c
  branch: master
  specs:
    cocoapods-trunk (0.5.1)
      nap (>= 0.8)
      netrc (= 0.7.8)

GIT
  remote: https://github.com/CocoaPods/cocoapods-try.git
  revision: 30b22d977b440ff4ef2c467b90f4191d321dda4b
  branch: master
  specs:
    cocoapods-try (0.4.3)

PATH
  remote: .
  specs:
    cocoapods (0.36.0.rc.1)
      activesupport (>= 3.2.15)
      claide (~> 0.8.1)
      cocoapods-core (= 0.36.0.rc.1)
      cocoapods-downloader (~> 0.8.1)
      cocoapods-plugins (~> 0.4.1)
      cocoapods-trunk (~> 0.5.1)
      cocoapods-try (~> 0.4.3)
      colored (~> 1.2)
      escape (~> 0.0.4)
      molinillo (~> 0.2.1)
      nap (~> 0.8)
      open4 (~> 1.3)
      xcodeproj (~> 0.22.0)

GEM
  remote: http://rubygems.org/
  specs:
    activesupport (4.2.0)
      i18n (~> 0.7)
      json (~> 1.7, >= 1.7.7)
      minitest (~> 5.1)
      thread_safe (~> 0.3, >= 0.3.4)
      tzinfo (~> 1.1)
    addressable (2.3.6)
    ast (2.0.0)
    astrolabe (1.3.0)
      parser (>= 2.2.0.pre.3, < 3.0)
    awesome_print (1.6.1)
    bacon (1.2.0)
    clintegracon (0.6.1)
      colored (~> 1.2)
      diffy
    cocoapods-dependencies (0.4.0)
    coderay (1.1.0)
    colored (1.2)
    crack (0.4.2)
      safe_yaml (~> 1.0.0)
    diffy (3.0.7)
    escape (0.0.4)
    ffi (1.9.6)
    fuzzy_match (2.0.4)
    i18n (0.7.0)
    json (1.7.7)
    kicker (3.0.0)
      listen (~> 1.3.0)
      notify (~> 0.5.2)
    listen (1.3.1)
      rb-fsevent (>= 0.9.3)
      rb-inotify (>= 0.9)
      rb-kqueue (>= 0.2)
    metaclass (0.0.4)
    method_source (0.8.2)
    minitest (5.5.1)
    mocha (1.1.0)
      metaclass (~> 0.0.1)
    mocha-on-bacon (0.2.2)
      mocha (>= 0.13.0)
    nap (0.8.0)
    netrc (0.7.8)
    notify (0.5.2)
    open4 (1.3.4)
    parser (2.2.0.1)
      ast (>= 1.1, < 3.0)
      slop (~> 3.4, >= 3.4.5)
    powerpack (0.0.9)
    prettybacon (0.0.2)
      bacon (~> 1.2)
    pry (0.10.1)
      coderay (~> 1.1.0)
      method_source (~> 0.8.1)
      slop (~> 3.4)
    rainbow (2.0.0)
    rake (10.4.2)
    rb-fsevent (0.9.4)
    rb-inotify (0.9.5)
      ffi (>= 0.5.0)
    rb-kqueue (0.2.3)
      ffi (>= 0.5.0)
    rubocop (0.28.0)
      astrolabe (~> 1.3)
      parser (>= 2.2.0.pre.7, < 3.0)
      powerpack (~> 0.0.6)
      rainbow (>= 1.99.1, < 3.0)
      ruby-progressbar (~> 1.4)
    ruby-prof (0.15.2)
    ruby-progressbar (1.7.1)
    safe_yaml (1.0.4)
    slop (3.6.0)
    thread_safe (0.3.4)
    tzinfo (1.2.2)
      thread_safe (~> 0.1)
    webmock (1.20.4)
      addressable (>= 2.3.6)
      crack (>= 0.3.2)

PLATFORMS
  ruby

DEPENDENCIES
  awesome_print
  bacon
  bundler (~> 1.3)
  claide!
  clintegracon
  cocoapods!
  cocoapods-core!
  cocoapods-dependencies
  cocoapods-downloader!
  cocoapods-plugins!
  cocoapods-trunk!
  cocoapods-try!
  diffy
  json (= 1.7.7)
  kicker
  mocha
  mocha-on-bacon
  molinillo!
  prettybacon
  pry
  rake
  rb-fsevent
  rubocop
  ruby-prof
  webmock
  xcodeproj!
