GIT
  remote: git://github.com/CocoaPods/Xcodeproj.git
  revision: 338e4d37f282121754f10f6d169256a57a64860d
  specs:
    xcodeproj (0.1.0)

GEM
  remote: http://rubygems.org/
  specs:
    addressable (2.2.7)
    bacon (1.1.0)
    colored (1.2)
    crack (0.3.1)
    kicker (2.5.0)
      rb-fsevent
    metaclass (0.0.1)
    mocha (0.10.4)
      metaclass (~> 0.0.1)
    mocha-on-bacon (0.2.0)
      mocha (>= 0.9.8)
    open4 (1.3.0)
    rake (0.9.2.2)
    rb-fsevent (0.9.0)
    vcr (2.0.0)
    webmock (1.8.0)
      addressable (>= 2.2.7)
      crack (>= 0.1.7)

PLATFORMS
  ruby

DEPENDENCIES
  bacon
  colored
  kicker
  mocha-on-bacon
  open4
  rake
  rb-fsevent
  vcr
  webmock
  xcodeproj!
