GIT
  remote: git://github.com/CocoaPods/Xcodeproj.git
  revision: 4042ea00c560f806807bc0a8ad2a8761102d40d8
  branch: develop
  specs:
    xcodeproj (0.2.1)

PATH
  remote: .
  specs:
    cocoapods (0.6.1)
      activesupport (~> 3.2.6)
      colored (~> 1.2)
      escape (~> 0.0.4)
      faraday (~> 0.8.1)
      json (~> 1.7.3)
      octokit (~> 1.7.0)
      open4 (~> 1.3.0)
      rake (~> 0.9.0)
      xcodeproj (~> 0.2.1)

GEM
  remote: http://rubygems.org/
  specs:
    activesupport (3.2.6)
      i18n (~> 0.6)
      multi_json (~> 1.0)
    addressable (2.2.8)
    awesome_print (1.0.2)
    bacon (1.1.0)
    coderay (1.0.7)
    colored (1.2)
    crack (0.3.1)
    escape (0.0.4)
    faraday (0.8.1)
      multipart-post (~> 1.1)
    faraday_middleware (0.8.8)
      faraday (>= 0.7.4, < 0.9)
    ffi (1.0.11)
    github-markup (0.7.2)
    hashie (1.2.0)
    i18n (0.6.0)
    json (1.7.3)
    kicker (2.6.0)
      listen
    listen (0.4.7)
      rb-fchange (~> 0.0.5)
      rb-fsevent (~> 0.9.1)
      rb-inotify (~> 0.8.8)
    metaclass (0.0.1)
    method_source (0.7.1)
    mocha (0.11.4)
      metaclass (~> 0.0.1)
    mocha-on-bacon (0.2.0)
      mocha (>= 0.9.8)
    multi_json (1.3.6)
    multipart-post (1.1.5)
    octokit (1.7.0)
      addressable (~> 2.2)
      faraday (~> 0.8)
      faraday_middleware (~> 0.8)
      hashie (~> 1.2)
      multi_json (~> 1.3)
    open4 (1.3.0)
    pry (0.9.9.6)
      coderay (~> 1.0.5)
      method_source (~> 0.7.1)
      slop (>= 2.4.4, < 3)
    rake (0.9.2.2)
    rb-fchange (0.0.5)
      ffi
    rb-fsevent (0.9.1)
    rb-inotify (0.8.8)
      ffi (>= 0.5.0)
    redcarpet (2.1.1)
    slop (2.4.4)
    vcr (2.2.2)
    webmock (1.8.7)
      addressable (>= 2.2.7)
      crack (>= 0.1.7)
    yard (0.8.2.1)

PLATFORMS
  ruby

DEPENDENCIES
  awesome_print
  bacon
  cocoapods!
  github-markup
  kicker
  mocha-on-bacon
  pry
  rake
  rb-fsevent
  redcarpet
  vcr
  webmock
  xcodeproj!
  yard
